GEM
  remote: https://rubygems.org/
  specs:
    addressable (2.5.2)
      public_suffix (>= 2.0.2, < 4.0)
    backports (3.3.5)
    coderay (1.1.0)
    dalli (2.6.4)
    dotenv (0.9.0)
    faraday (0.14.0)
      multipart-post (>= 1.2, < 3)
    kgio (2.11.2)
    method_source (0.8.2)
    multi_json (1.8.2)
    multipart-post (2.0.0)
    newrelic_rpm (3.6.9.171)
    octokit (4.8.0)
      sawyer (~> 0.8.0, >= 0.5.3)
    pry (0.9.12.3)
      coderay (~> 1.0)
      method_source (~> 0.8)
      slop (~> 3.4)
    public_suffix (3.0.2)
    rack (1.6.11)
    rack-cache (1.2)
      rack (>= 0.4)
    rack-protection (1.5.5)
      rack
    rack-test (0.6.2)
      rack (>= 1.0)
    raindrops (0.19.0)
    sawyer (0.8.1)
      addressable (>= 2.3.5, < 2.6)
      faraday (~> 0.8, < 1.0)
    sinatra (1.4.4)
      rack (~> 1.4)
      rack-protection (~> 1.4)
      tilt (~> 1.3, >= 1.3.4)
    sinatra-contrib (1.4.1)
      backports (>= 2.0)
      multi_json
      rack-protection
      rack-test
      sinatra (~> 1.4.0)
      tilt (~> 1.3)
    slop (3.4.6)
    tilt (1.4.1)
    unicorn (5.4.0)
      kgio (~> 2.6)
      raindrops (~> 0.7)

PLATFORMS
  ruby

DEPENDENCIES
  dalli
  dotenv
  newrelic_rpm
  octokit
  pry
  rack-cache
  sinatra
  sinatra-contrib
  unicorn

RUBY VERSION
   ruby 2.5.0p0

BUNDLED WITH
   1.16.1
